GIT
  remote: https://github.com/hkdnet/ruboty-a3rt_talk.git
  revision: 613e5600b9f853e5dedfd1265fc7a98c1fbd8811
  specs:
    ruboty-a3rt_talk (0.1.0)
      a3rt-talk (~> 0.1)

GEM
  remote: https://rubygems.org/
  specs:
    a3rt-talk (0.1.2)
    activesupport (6.0.3.1)
      concurrent-ruby (~> 1.0, >= 1.0.2)
      i18n (>= 0.7, < 2)
      minitest (~> 5.1)
      tzinfo (~> 1.1)
      zeitwerk (~> 2.2, >= 2.2.2)
    chrono (0.4.0)
      activesupport
    concurrent-ruby (1.1.6)
    dotenv (2.7.5)
    event_emitter (0.2.6)
    eventmachine (1.2.7)
    faraday (0.17.1)
      multipart-post (>= 1.2, < 3)
    faraday_middleware (0.10.1)
      faraday (>= 0.7.4, < 1.0)
    faye-websocket (0.10.9)
      eventmachine (>= 0.12.0)
      websocket-driver (>= 0.5.1)
    gems (1.2.0)
    i18n (1.8.2)
      concurrent-ruby (~> 1.0)
    mem (0.1.5)
    minitest (5.14.1)
    multi_json (1.14.1)
    multipart-post (2.1.1)
    rake (13.0.1)
    redis (4.1.3)
    redis-namespace (1.6.0)
      redis (>= 3.0.4)
    ruboty (1.3.0)
      activesupport
      bundler
      dotenv
      mem
      slop
    ruboty-alias (0.0.8)
      ruboty (>= 1.1.1)
    ruboty-cron (1.1.0)
      activesupport
      chrono
      ruboty (>= 0.2.0)
    ruboty-echo (0.1.1)
      ruboty
    ruboty-echo_to (1.0.1)
      ruboty
    ruboty-google_image (0.1.1)
      faraday
      faraday_middleware
      ruboty
    ruboty-hr (1.0.0)
      ruboty
    ruboty-karma (0.4.3)
      ruboty
    ruboty-lgtm (0.0.3)
      faraday
      faraday_middleware
      ruboty
    ruboty-redis (0.0.6)
      redis
      redis-namespace
      ruboty
    ruboty-replace (0.0.1)
      ruboty
    ruboty-ruby (0.0.2)
      ruboty
    ruboty-search_plugin (1.0.0)
      ruboty
      ruboty-sonar
    ruboty-slack_rtm (3.2.1)
      faraday (~> 0.11)
      ruboty (>= 1.1.4)
      slack-api (~> 1.6)
      websocket-client-simple (~> 0.3.0)
    ruboty-sonar (1.0.1)
      gems
      thor
    slack-api (1.6.1)
      faraday (~> 0.11)
      faraday_middleware (~> 0.10.0)
      faye-websocket (~> 0.10.6)
      multi_json (~> 1.0, >= 1.0.3)
    slop (4.7.0)
    thor (0.20.3)
    thread_safe (0.3.6)
    tzinfo (1.2.7)
      thread_safe (~> 0.1)
    websocket (1.2.8)
    websocket-client-simple (0.3.0)
      event_emitter
      websocket
    websocket-driver (0.7.1)
      websocket-extensions (>= 0.1.0)
    websocket-extensions (0.1.5)
    zeitwerk (2.3.0)

PLATFORMS
  ruby

DEPENDENCIES
  rake
  ruboty-a3rt_talk!
  ruboty-alias
  ruboty-cron
  ruboty-echo
  ruboty-echo_to (~> 1.0.1)
  ruboty-google_image
  ruboty-hr
  ruboty-karma
  ruboty-lgtm
  ruboty-redis
  ruboty-replace
  ruboty-ruby (>= 0.0.2)
  ruboty-search_plugin
  ruboty-slack_rtm

RUBY VERSION
   ruby 2.7.2p137

BUNDLED WITH
   2.1.4
