GIT
  remote: https://github.com/hkdnet/ruboty-a3rt_talk
  revision: 613e5600b9f853e5dedfd1265fc7a98c1fbd8811
  specs:
    ruboty-a3rt_talk (0.1.0)
      a3rt-talk (~> 0.1)

GIT
  remote: https://github.com/hkdnet/ruboty-slack_rtm
  revision: 8a556a846db2f58667d12f75d57fc6e39780eba0
  branch: master
  specs:
    ruboty-slack_rtm (3.2.1)
      faraday (>= 1.0)
      ruboty (>= 1.1.4)
      slack-api (~> 1.6)
      websocket-client-simple (~> 0.3.0)

GIT
  remote: https://github.com/hkdnet/slack-ruby-gem
  revision: 81ce64e8717b0f97a87b17af8baa111c00b3cf6a
  branch: fix-ws-vul
  specs:
    slack-api (1.6.1)
      faraday (>= 1.0)
      faraday_middleware (>= 1.0)
      faye-websocket (~> 0.11.0)
      multi_json (~> 1.0, >= 1.0.3)

GEM
  remote: https://rubygems.org/
  specs:
    a3rt-talk (0.1.3)
    activesupport (6.1.0)
      concurrent-ruby (~> 1.0, >= 1.0.2)
      i18n (>= 1.6, < 2)
      minitest (>= 5.1)
      tzinfo (~> 2.0)
      zeitwerk (~> 2.3)
    chrono (0.4.0)
      activesupport
    concurrent-ruby (1.1.7)
    dotenv (2.7.6)
    event_emitter (0.2.6)
    eventmachine (1.2.7)
    faraday (1.2.0)
      multipart-post (>= 1.2, < 3)
      ruby2_keywords
    faraday_middleware (1.0.0)
      faraday (~> 1.0)
    faye-websocket (0.11.0)
      eventmachine (>= 0.12.0)
      websocket-driver (>= 0.5.1)
    gems (1.2.0)
    i18n (1.8.5)
      concurrent-ruby (~> 1.0)
    mem (0.1.5)
    minitest (5.14.2)
    multi_json (1.15.0)
    multipart-post (2.1.1)
    rake (13.0.3)
    redis (4.2.5)
    redis-namespace (1.6.0)
      redis (>= 3.0.4)
    ruboty (1.3.1)
      activesupport
      bundler
      dotenv
      mem
      slop
    ruboty-alias (0.0.8)
      ruboty (>= 1.1.1)
    ruboty-cron (1.1.0)
      activesupport
      chrono
      ruboty (>= 0.2.0)
    ruboty-echo (0.1.1)
      ruboty
    ruboty-echo_to (1.0.2)
      ruboty
    ruboty-google_image (0.1.1)
      faraday
      faraday_middleware
      ruboty
    ruboty-hr (1.0.0)
      ruboty
    ruboty-karma (0.4.4)
      ruboty
    ruboty-lgtm (0.0.3)
      faraday
      faraday_middleware
      ruboty
    ruboty-redis (0.0.6)
      redis
      redis-namespace
      ruboty
    ruboty-replace (0.0.1)
      ruboty
    ruboty-ruby (0.0.2)
      ruboty
    ruboty-search_plugin (1.0.0)
      ruboty
      ruboty-sonar
    ruboty-sonar (1.0.1)
      gems
      thor
    ruby2_keywords (0.0.2)
    slop (4.8.2)
    thor (1.0.1)
    tzinfo (2.0.4)
      concurrent-ruby (~> 1.0)
    websocket (1.2.9)
    websocket-client-simple (0.3.0)
      event_emitter
      websocket
    websocket-driver (0.7.3)
      websocket-extensions (>= 0.1.0)
    websocket-extensions (0.1.5)
    zeitwerk (2.4.2)

PLATFORMS
  ruby

DEPENDENCIES
  faye-websocket (>= 0.11.0)
  rake
  ruboty-a3rt_talk!
  ruboty-alias
  ruboty-cron
  ruboty-echo
  ruboty-echo_to (~> 1.0.1)
  ruboty-google_image
  ruboty-hr
  ruboty-karma
  ruboty-lgtm
  ruboty-redis
  ruboty-replace
  ruboty-ruby (>= 0.0.2)
  ruboty-search_plugin
  ruboty-slack_rtm!
  slack-api!

RUBY VERSION
   ruby 3.0.0p0

BUNDLED WITH
   2.2.3
