GIT
  remote: git://github.com/hkdnet/ruboty-a3rt_talk.git
  revision: 613e5600b9f853e5dedfd1265fc7a98c1fbd8811
  specs:
    ruboty-a3rt_talk (0.1.0)
      a3rt-talk (~> 0.1)

GEM
  remote: https://rubygems.org/
  specs:
    a3rt-talk (0.1.1)
    activesupport (5.2.0)
      concurrent-ruby (~> 1.0, >= 1.0.2)
      i18n (>= 0.7, < 2)
      minitest (~> 5.1)
      tzinfo (~> 1.1)
    chrono (0.4.0)
      activesupport
    concurrent-ruby (1.0.5)
    dotenv (2.4.0)
    faraday (0.15.1)
      multipart-post (>= 1.2, < 3)
    faraday_middleware (0.12.2)
      faraday (>= 0.7.4, < 1.0)
    gems (1.1.1)
      json
    i18n (1.0.1)
      concurrent-ruby (~> 1.0)
    json (2.1.0)
    mem (0.1.5)
    minitest (5.11.3)
    multipart-post (2.0.0)
    rake (12.3.1)
    redis (4.0.1)
    redis-namespace (1.6.0)
      redis (>= 3.0.4)
    ruboty (1.3.0)
      activesupport
      bundler
      dotenv
      mem
      slop
    ruboty-alias (0.0.8)
      ruboty (>= 1.1.1)
    ruboty-cron (1.1.0)
      activesupport
      chrono
      ruboty (>= 0.2.0)
    ruboty-echo (0.1.1)
      ruboty
    ruboty-echo_to (1.0.1)
      ruboty
    ruboty-google_image (0.1.0)
      faraday
      faraday_middleware
      ruboty
    ruboty-hr (1.0.0)
      ruboty
    ruboty-karma (0.4.3)
      ruboty
    ruboty-lgtm (0.0.3)
      faraday
      faraday_middleware
      ruboty
    ruboty-redis (0.0.6)
      redis
      redis-namespace
      ruboty
    ruboty-replace (0.0.1)
      ruboty
    ruboty-ruby (0.0.2)
      ruboty
    ruboty-search_plugin (1.0.0)
      ruboty
      ruboty-sonar
    ruboty-slack (0.1.12)
      ruboty (>= 1.0.4)
      xrc (>= 0.1.8)
    ruboty-sonar (1.0.1)
      gems
      thor
    slop (4.6.2)
    thor (0.20.0)
    thread_safe (0.3.6)
    tzinfo (1.2.5)
      thread_safe (~> 0.1)
    xrc (0.1.8)
      activesupport

PLATFORMS
  ruby

DEPENDENCIES
  rake
  ruboty-a3rt_talk!
  ruboty-alias
  ruboty-cron
  ruboty-echo
  ruboty-echo_to (~> 1.0.1)
  ruboty-google_image
  ruboty-hr
  ruboty-karma
  ruboty-lgtm
  ruboty-redis
  ruboty-replace
  ruboty-ruby (>= 0.0.2)
  ruboty-search_plugin
  ruboty-slack

BUNDLED WITH
   1.16.1
