GEM
  remote: https://rubygems.org/
  specs:
    activesupport (4.2.6)
      i18n (~> 0.7)
      json (~> 1.7, >= 1.7.7)
      minitest (~> 5.1)
      thread_safe (~> 0.3, >= 0.3.4)
      tzinfo (~> 1.1)
    chrono (0.3.0)
      activesupport
    dotenv (2.1.1)
    faraday (0.9.2)
      multipart-post (>= 1.2, < 3)
    faraday_middleware (0.10.0)
      faraday (>= 0.7.4, < 0.10)
    gems (0.8.3)
    i18n (0.7.0)
    json (1.8.3)
    mem (0.1.5)
    minitest (5.9.0)
    multipart-post (2.0.0)
    rake (10.4.2)
    redis (3.2.2)
    redis-namespace (1.5.2)
      redis (~> 3.0, >= 3.0.4)
    ruboty (1.2.4)
      activesupport
      bundler
      dotenv
      mem
      slop
    ruboty-alias (0.0.8)
      ruboty (>= 1.1.1)
    ruboty-cron (1.1.0)
      activesupport
      chrono
      ruboty (>= 0.2.0)
    ruboty-echo (0.1.0)
      ruboty
    ruboty-echo_to (1.0.1)
      ruboty
    ruboty-google_image (0.1.0)
      faraday
      faraday_middleware
      ruboty
    ruboty-hr (1.0.0)
      ruboty
    ruboty-karma (0.4.2)
      ruboty
    ruboty-lgtm (0.0.3)
      faraday
      faraday_middleware
      ruboty
    ruboty-redis (0.0.6)
      redis
      redis-namespace
      ruboty
    ruboty-replace (0.0.1)
      ruboty
    ruboty-ruby (0.0.2)
      ruboty
    ruboty-search_plugin (1.0.0)
      ruboty
      ruboty-sonar
    ruboty-slack (0.1.12)
      ruboty (>= 1.0.4)
      xrc (>= 0.1.8)
    ruboty-sonar (1.0.1)
      gems
      thor
    slop (4.3.0)
    thor (0.19.1)
    thread_safe (0.3.5)
    tzinfo (1.2.2)
      thread_safe (~> 0.1)
    xrc (0.1.8)
      activesupport

PLATFORMS
  ruby

DEPENDENCIES
  rake
  ruboty-alias
  ruboty-cron
  ruboty-echo
  ruboty-echo_to (~> 1.0.1)
  ruboty-google_image
  ruboty-hr
  ruboty-karma
  ruboty-lgtm
  ruboty-redis
  ruboty-replace
  ruboty-ruby (>= 0.0.2)
  ruboty-search_plugin
  ruboty-slack

BUNDLED WITH
   1.11.2
